##TITLE= Parameter file, TOPSPIN		Version 3.0
##JCAMPDX= 5.0
##DATATYPE= Parameter Values
##NPOINTS= 10	$$ modification sequence number
##ORIGIN= Bruker BioSpin GmbH
##OWNER= nmrsu
$$ 2014-10-27 18:31:49.659 +0100  nmrsu@5-PARA-11-0140
$$ C:/u/data/SamTrack/nmr/FOS2014_K_472_B_1_R_1_Q_0_F_4_ID_294_NMR/10/pdata/1/proc
$$ process C:\Bruker\TopSpin3.0\prog\mod\sref.exe
##$ABSF1= 10
##$ABSF2= 0
##$ABSG= 3
##$ABSL= 5
##$ALPHA= 0
##$AQORDER= 0
##$ASSFAC= 0
##$ASSFACI= 0
##$ASSFACX= 0
##$ASSWID= 0
##$AUNMP= <proc_prof1d>
##$AXLEFT= 0
##$AXNAME= <>
##$AXNUC= <off>
##$AXRIGHT= 0
##$AXTYPE= 0
##$AXUNIT= <>
##$AZFE= 0.1
##$AZFW= 0.1
##$BCFW= 1
##$BC_mod= 2
##$BYTORDP= 0
##$COROFFS= 0
##$CY= 100
##$DATMOD= 1
##$DC= 2
##$DFILT= <>
##$DTYPP= 0
##$ERETIC= no
##$F1P= 12
##$F2P= -0.5
##$FCOR= 0.5
##$FTSIZE= 65536
##$FT_mod= 0
##$GAMMA= 1
##$GB= 0
##$INTBC= 1
##$INTSCL= 1
##$ISEN= 128
##$LB= 1
##$LEV0= 0
##$LPBIN= 0
##$MAXI= 10000
##$MC2= 0
##$MEAN= 0
##$ME_mod= 0
##$MI= 0
##$NCOEF= 0
##$NC_proc= 0
##$NLEV= 6
##$NOISF1= 7.934625
##$NOISF2= 7.601621
##$NSP= 1
##$NTH_PI= 0
##$NZP= 0
##$OFFSET= 15.07274
##$PC= 1
##$PHC0= 117.0428
##$PHC1= 0
##$PH_mod= 1
##$PKNL= yes
##$PPARMOD= 0
##$PPDIAG= 0
##$PPIPTYP= 0
##$PPMPNUM= 100
##$PPRESOL= 1
##$PSCAL= 4
##$PSIGN= 0
##$PYNMP= <proc.py>
##$REVERSE= no
##$SF= 600.129943960976
##$SI= 65536
##$SIGF1= 9
##$SIGF2= 5
##$SINO= 400
##$SIOLD= 65536
##$SPECTYP= <>
##$SREGLST= <1H.H2O+D2O>
##$SSB= 2
##$STSI= 0
##$STSR= 0
##$SW_p= 12335.5263157895
##$SYMM= 0
##$S_DEV= 0
##$TDeff= 0
##$TDoff= 0
##$TI= <Sample ID : FOS2014_K_472_B_1_R_1_Q_0_F_4_ID_294_NMR

>
##$TILT= no
##$TM1= 0
##$TM2= 0
##$TOPLEV= 0
##$USERP1= <user>
##$USERP2= <user>
##$USERP3= <user>
##$USERP4= <user>
##$USERP5= <user>
##$WDW= 1
##$XDIM= 8192
##$YMAX_p= 0
##$YMIN_p= 0
##END=
